GEM
  remote: https://rubygems.org/
  specs:
    chingu (0.8.1)
      crack
      gosu (>= 0.7.25)
      rest-client
    crack (0.4.2)
      safe_yaml (~> 1.0.0)
    domain_name (0.5.24)
      unf (>= 0.0.5, < 1.0.0)
    ffi (1.9.10-x86-mingw32)
    gosu (0.9.2-x86-mingw32)
    http-cookie (1.0.2)
      domain_name (~> 0.5)
    mime-types (2.6.1)
    netrc (0.10.3)
    rest-client (1.8.0-x86-mingw32)
      ffi (~> 1.9)
      http-cookie (>= 1.0.2, < 2.0)
      mime-types (>= 1.16, < 3.0)
      netrc (~> 0.7)
    safe_yaml (1.0.4)
    unf (0.1.4)
      unf_ext
    unf_ext (0.0.7.1-x86-mingw32)

PLATFORMS
  x86-mingw32

DEPENDENCIES
  chingu (= 0.8.1)
  gosu (= 0.9.2)

BUNDLED WITH
   1.10.6
