GEM
  remote: https://rubygems.org/
  specs:
    chunky_png (1.3.8)
    highline (1.7.8)
    ruby-progressbar (1.8.1)

PLATFORMS
  ruby

DEPENDENCIES
  chunky_png
  highline
  ruby-progressbar

BUNDLED WITH
   1.15.4
