GEM
  remote: https://rubygems.org/
  specs:
    atk (3.1.9)
      glib2 (= 3.1.9)
    cairo (1.15.10)
      native-package-installer (>= 1.0.3)
      pkg-config (>= 1.2.2)
    cairo-gobject (3.1.9)
      cairo
      glib2 (= 3.1.9)
    chunky_png (1.3.8)
    gdk3 (3.1.9)
      cairo-gobject (= 3.1.9)
      gdk_pixbuf2 (= 3.1.9)
      gobject-introspection (= 3.1.9)
      pango (= 3.1.9)
    gdk_pixbuf2 (3.1.9)
      gio2 (= 3.1.9)
    gio2 (3.1.9)
      glib2 (= 3.1.9)
      gobject-introspection (= 3.1.9)
    glib2 (3.1.9)
      native-package-installer (>= 1.0.3)
      pkg-config (>= 1.2.2)
    gobject-introspection (3.1.9)
      glib2 (= 3.1.9)
    gtk3 (3.1.9)
      atk (= 3.1.9)
      gdk3 (= 3.1.9)
      gdk_pixbuf2 (= 3.1.9)
      gio2 (= 3.1.9)
      glib2 (= 3.1.9)
      gobject-introspection (= 3.1.9)
      pango (= 3.1.9)
    highline (1.7.8)
    native-package-installer (1.0.4)
    opengl (0.10.0)
    pango (3.1.9)
      cairo (>= 1.14.0)
      cairo-gobject (= 3.1.9)
      gobject-introspection (= 3.1.9)
    pkg-config (1.2.8)
    ruby-progressbar (1.8.1)

PLATFORMS
  ruby

DEPENDENCIES
  chunky_png
  gtk3
  highline
  opengl
  ruby-progressbar

BUNDLED WITH
   1.15.4
